GEM
  remote: https://rubygems.org/
  specs:
    addressable (2.3.5)
    breakpoint (2.0.7)
      compass (>= 0.12.1)
      sass (>= 3.2.0)
    celluloid (0.15.2)
      timers (~> 1.1.0)
    chunky_png (1.2.9)
    coderay (1.1.0)
    color-schemer (0.2.8)
      compass-blend-modes (~> 0.0.2)
    compass (0.12.2)
      chunky_png (~> 1.2)
      fssm (>= 0.2.7)
      sass (~> 3.1)
    compass-blend-modes (0.0.2)
      compass
    compass-normalize (1.4.3)
      compass (>= 0.12.0)
    compass-rgbapng (0.2.1)
      chunky_png (>= 0.8.0)
      compass (>= 0.10.0)
    compass-validator (3.0.1)
    css_parser (1.3.5)
      addressable
    em-websocket (0.5.0)
      eventmachine (>= 0.12.9)
      http_parser.rb (~> 0.5.3)
    eventmachine (1.0.3-x86-mingw32)
    ffi (1.9.3-x86-mingw32)
    formatador (0.2.4)
    fssm (0.2.10)
    guard (2.3.0)
      formatador (>= 0.2.4)
      listen (~> 2.1)
      lumberjack (~> 1.0)
      pry (>= 0.9.12)
      thor (>= 0.18.1)
    guard-compass (1.0.0)
      compass (>= 0.10.5)
      guard (~> 2.0)
    guard-livereload (2.1.1)
      em-websocket (~> 0.5)
      guard (~> 2.0)
      multi_json (~> 1.8)
    guard-shell (0.6.1)
      guard (>= 1.1.0)
    http_parser.rb (0.5.3-x86-mingw32)
    listen (2.4.0)
      celluloid (>= 0.15.2)
      rb-fsevent (>= 0.9.3)
      rb-inotify (>= 0.9)
    lumberjack (1.0.4)
    method_source (0.8.2)
    multi_json (1.8.4)
    oily_png (1.1.0)
      chunky_png (~> 1.2.7)
    pry (0.9.12.6-x86-mingw32)
      coderay (~> 1.0)
      method_source (~> 0.8)
      slop (~> 3.4)
      win32console (~> 1.3)
    rb-fchange (0.0.6)
      ffi
    rb-fsevent (0.9.4)
    rb-inotify (0.9.3)
      ffi (>= 0.5.0)
    sass (3.2.14)
    sass-globbing (1.1.0)
      sass (>= 3.1)
    sassy-strings (1.0.0)
      compass (>= 0.12.2)
    singularitygs (1.1.2)
      breakpoint (>= 2.0.1)
      compass (>= 0.12.2)
      sass (>= 3.2.1)
    slop (3.4.7)
    susy (1.0.9)
      compass (>= 0.12.2)
      sass (>= 3.2.0)
    thor (0.18.1)
    timers (1.1.0)
    toolkit (1.3.8)
      breakpoint (>= 2.0.6)
      color-schemer (>= 0.2.7)
      compass (>= 0.12.2)
      sassy-strings (>= 1.0.0)
      singularitygs (>= 1.1.2)
    win32console (1.3.2-x86-mingw32)
    yajl-ruby (1.2.0)

PLATFORMS
  x86-mingw32

DEPENDENCIES
  breakpoint
  compass
  compass-normalize
  compass-rgbapng
  compass-validator
  css_parser
  guard
  guard-compass
  guard-livereload
  guard-shell
  oily_png
  rb-fchange
  rb-fsevent
  rb-inotify (~> 0.9)
  sass
  sass-globbing
  singularitygs
  susy
  toolkit
  yajl-ruby
